GEM
  remote: https://rubygems.org/
  specs:
    mustermann (3.0.3)
      ruby2_keywords (~> 0.0.1)
    nio4r (2.7.4)
    puma (5.6.9)
      nio4r (~> 2.0)
    rack (2.2.10)
    rack-protection (3.0.6)
      rack
    rackup (1.0.1)
      rack (< 3)
      webrick
    ruby2_keywords (0.0.5)
    sinatra (3.0.6)
      mustermann (~> 3.0)
      rack (~> 2.2, >= 2.2.4)
      rack-protection (= 3.0.6)
      tilt (~> 2.0)
    tilt (2.6.0)
    webrick (1.9.1)

PLATFORMS
  x86_64-linux

DEPENDENCIES
  puma (~> 5.6.7)
  rackup (~> 1.0.1)
  sinatra (~> 3.0.6)

BUNDLED WITH
   2.4.6
